GEM
  remote: https://rubygems.org/
  specs:
    ansi (1.3.0)
    dotfiles-installer (1.0.0)
      ansi (~> 1.3)
    rake (12.3.3)

PLATFORMS
  ruby

DEPENDENCIES
  dotfiles-installer
  rake
