GEM
  remote: https://rubygems.org/
  specs:
    ansi (1.3.0)
    dotfiles-installer (1.0.0)
      ansi (~> 1.3)
    rake (13.0.1)

PLATFORMS
  ruby

DEPENDENCIES
  dotfiles-installer
  rake

RUBY VERSION
   ruby 3.3.8p144

BUNDLED WITH
   2.1.4
